PATH
  remote: .
  specs:
<<<<<<< HEAD
=======
    gemoji (2.0.1)
>>>>>>> github/2.0-stable

GEM
  remote: https://rubygems.org/
  specs:
    minitest (5.3.5)
    rake (10.3.2)

PLATFORMS
  ruby

DEPENDENCIES
  gemoji!
  minitest
  rake

BUNDLED WITH
   1.11.2
